GEM
  remote: https://rubygems.org/
  specs:
    amq-protocol (2.3.0)
    bunny (2.12.0)
      amq-protocol (~> 2.3, >= 2.3.0)
    json (2.1.0)

PLATFORMS
  ruby

DEPENDENCIES
  bunny
  json

RUBY VERSION
   ruby 2.4.2p198

BUNDLED WITH
   1.16.6
